GEM
  remote: http://rubygems.org/
  specs:
    bluecloth (2.1.0)
    bluecloth (2.1.0-x86-mingw32)
    gli (1.3.2)
    json (1.5.3)
    nokogiri (1.5.0)
    nokogiri (1.5.0-x86-mingw32)
    rack (1.3.2)
    showoff (0.4.2)
      bluecloth
      gli (>= 1.2.5)
      json
      nokogiri
      sinatra
    sinatra (1.2.6)
      rack (~> 1.1)
      tilt (>= 1.2.2, < 2.0)
    tilt (1.3.2)

PLATFORMS
  ruby
  x86-mingw32

DEPENDENCIES
  showoff
